{
  "InstitutionAddress": "Swartz Center for Computational Neuroscience",
  "InstitutionName": "University of California, San Diego",
  "InstitutionalDepartmentName": "Institute of Neural Computation",
  "PowerLineFrequency": 60,
  "ManufacturersModelName": "ActiveTwo",
  "TaskName": "attention",
  "EEGChannelCount": 256,
  "EEGReference": "common",
  "RecordingType": "continuous",
  "RecordingDuration": 2511,
  "SamplingFrequency": 256,
  "EOGChannelCount": 0,
  "ECGChannelCount": 0,
  "EMGChannelCount": 0,
  "SoftwareFilters": "n/a"
}